{
  "AcquisitionMatrixPE": 104,
  "AcquisitionNumber": 1,
  "AcquisitionTime": "13:29:12.067500",
  "BandwidthPerPixelPhaseEncode": 17.17,
  "BaseResolution": 104,
  "BodyPartExamined": "BRAIN",
  "CoilCombinationMethod": "Sum of Squares",
  "ConsistencyInfo": "N4_VE11C_LATEST_20160120",
  "ConversionSoftware": "dcm2niix",
  "ConversionSoftwareVersion": "v1.0.20211006",
  "DerivedVendorReportedEchoSpacing": 0.000560011,
  "DeviceSerialNumber": "167006",
  "DwellTime": 2.1e-06,
  "EchoTime": 0.037,
  "EchoTrainLength": 104,
  "EffectiveEchoSpacing": 0.000560011,
  "FlipAngle": 52,
  "HeudiconvVersion": "0.11.3.post9+gc939bf8",
  "ImageComments": "Single-band reference",
  "ImageOrientationPatientDICOM": [0.999868, 0.0134595, 0.00905598, -0.010471, 0.961835, -0.27343],
  "ImageOrientationText": "Tra>Cor(-15.9)>Sag(0.7)",
  "ImageType": [
    "ORIGINAL",
    "PRIMARY",
    "M",
    "ND",
    "MOSAIC"
],
  "ImagingFrequency": 123.259,
  "InPlanePhaseEncodingDirectionDICOM": "COL",
  "InstitutionAddress": "Chemin Queen-Mary 4565,Montreal,District,CA,H3W 1W5",
  "InstitutionName": "IUGM",
  "InstitutionalDepartmentName": "Department",
  "IntendedFor": [
    "ses-011/func/sub-03_ses-011_task-mariostars_run-01_part-mag_bold.nii.gz",
    "ses-011/func/sub-03_ses-011_task-mariostars_run-02_part-mag_bold.nii.gz",
    "ses-011/func/sub-03_ses-011_task-mariostars_run-03_part-mag_bold.nii.gz",
    "ses-011/func/sub-03_ses-011_task-mariostars_run-04_part-mag_bold.nii.gz",
    "ses-011/func/sub-03_ses-011_task-mariostars_run-05_part-mag_bold.nii.gz"
],
  "MRAcquisitionType": "2D",
  "MagneticFieldStrength": 3,
  "Manufacturer": "Siemens",
  "ManufacturersModelName": "Prisma_fit",
  "MatrixCoilMode": "SENSE",
  "Modality": "MR",
  "PartialFourier": 1,
  "PatientPosition": "HFS",
  "PercentPhaseFOV": 100,
  "PercentSampling": 100,
  "PhaseEncodingDirection": "j-",
  "PhaseEncodingSteps": 104,
  "PhaseResolution": 1,
  "PixelBandwidth": 2290,
  "ProcedureStepDescription": "games^mariostars",
  "ProtocolName": "func_AP_run-1",
  "PulseSequenceDetails": "%CustomerSeq%\\cmrr_mbep2d_bold",
  "ReceiveCoilActiveElements": "HC1-7;NC1,2",
  "ReceiveCoilName": "HeadNeck_64",
  "ReconMatrixPE": 104,
  "RepetitionTime": 1.49,
  "SAR": 0.0333934,
  "ScanOptions": "FS",
  "ScanningSequence": "EP",
  "SequenceName": "epfid2d1_104",
  "SequenceVariant": "SK\\SS",
  "SeriesDescription": "func_AP_run-1_SBRef",
  "SeriesNumber": 7,
  "ShimSetting": [629, -7208, -8746, 701, 46, 3, 27, 0],
  "SliceThickness": 2,
  "SliceTiming": [0, 0.1, 0.1975, 0.295, 0.3925, 0.49, 0.59, 0.6875, 0.785, 0.8825, 0.98, 1.08, 1.1775, 1.275, 1.3725, 1.47, 1.57, 1.6675, 1.765, 1.8625, 1.96, 2.06, 2.1575, 2.255, 2.3525, 2.45, 2.55, 2.6475, 2.745, 2.8425, 2.94, 3.04, 3.1375, 3.235, 3.3325, 3.43, 3.53, 3.6275, 3.725, 3.8225, 3.92, 4.02, 4.1175, 4.215, 4.3125, 4.41, 4.5075, 4.6075, 4.705, 4.8025, 4.9, 4.9975, 5.0975, 5.195, 5.2925, 5.39, 5.4875, 5.5875, 5.685, 5.7825],
  "SoftwareVersions": "syngo MR E11",
  "SpacingBetweenSlices": 2,
  "StationName": "MRC35049",
  "TotalReadoutTime": 0.0576811,
  "TxRefAmp": 215.276,
  "WipMemBlock": "9f571912-5a6c-476f-a70c-161ad7b6e2e8||Sequence: R017 ve11c/master r/75a17815+; Jun 28 2022 16:32:11 by eja"
}