{
  "AcquisitionMatrixPE": 104,
  "AcquisitionNumber": 1,
  "AcquisitionTime": "14:03:31.945000",
  "BandwidthPerPixelPhaseEncode": 17.17,
  "BaseResolution": 104,
  "BodyPartExamined": "BRAIN",
  "CoilCombinationMethod": "Sum of Squares",
  "ConsistencyInfo": "N4_VE11C_LATEST_20160120",
  "ConversionSoftware": "dcm2niix",
  "ConversionSoftwareVersion": "v1.0.20211006",
  "DerivedVendorReportedEchoSpacing": 0.000560011,
  "DeviceSerialNumber": "167006",
  "DwellTime": 2.1e-06,
  "EchoTime": 0.037,
  "EchoTime1": 0.037,
  "EchoTime2": 0.001,
  "EchoTrainLength": 104,
  "EffectiveEchoSpacing": 0.000560011,
  "FlipAngle": 52,
  "HeudiconvVersion": "0.11.3.post9+gc939bf8",
  "ImageComments": "Unaliased MB4/PE3/LB",
  "ImageOrientationPatientDICOM": [0.999765, 0.0216734, -4.03838e-05, -0.0209421, 0.965547, -0.259383],
  "ImageOrientationText": "Tra>Cor(-15.0)>Sag(0.3)",
  "ImageType": [
    "ORIGINAL",
    "PRIMARY",
    "P",
    "MB",
    "ND",
    "MOSAIC",
    "PHASE"
],
  "ImagingFrequency": 123.259,
  "InPlanePhaseEncodingDirectionDICOM": "COL",
  "InstitutionAddress": "Chemin Queen-Mary 4565,Montreal,District,CA,H3W 1W5",
  "InstitutionName": "IUGM",
  "InstitutionalDepartmentName": "Department",
  "MRAcquisitionType": "2D",
  "MagneticFieldStrength": 3,
  "Manufacturer": "Siemens",
  "ManufacturersModelName": "Prisma_fit",
  "MatrixCoilMode": "SENSE",
  "Modality": "MR",
  "MultibandAccelerationFactor": 4,
  "PartialFourier": 1,
  "PatientPosition": "HFS",
  "PercentPhaseFOV": 100,
  "PercentSampling": 100,
  "PhaseEncodingDirection": "j",
  "PhaseEncodingSteps": 104,
  "PhaseResolution": 1,
  "PixelBandwidth": 2290,
  "ProcedureStepDescription": "games^mariostars",
  "ProtocolName": "func_task-mariostars_run-01",
  "PulseSequenceDetails": "%CustomerSeq%\\cmrr_mbep2d_bold",
  "ReceiveCoilActiveElements": "HC1-7;NC1,2",
  "ReceiveCoilName": "HeadNeck_64",
  "ReconMatrixPE": 104,
  "RepetitionTime": 1.49,
  "SAR": 0.0450854,
  "ScanOptions": "FS",
  "ScanningSequence": "EP",
  "SequenceName": "epfid2d1_104",
  "SequenceVariant": "SK\\SS",
  "SeriesDescription": "func_task-mariostars_run-01",
  "SeriesNumber": 12,
  "ShimSetting": [629, -7212, -8773, 686, 81, 10, 24, -14],
  "SliceThickness": 2,
  "SliceTiming": [0, 0.785, 0.0975, 0.8825, 0.1975, 0.98, 0.295, 1.0775, 0.3925, 1.175, 0.49, 1.275, 0.5875, 1.3725, 0.6875, 0, 0.785, 0.0975, 0.8825, 0.1975, 0.98, 0.295, 1.0775, 0.3925, 1.175, 0.49, 1.275, 0.5875, 1.3725, 0.6875, 0, 0.785, 0.0975, 0.8825, 0.1975, 0.98, 0.295, 1.0775, 0.3925, 1.175, 0.49, 1.275, 0.5875, 1.3725, 0.6875, 0, 0.785, 0.0975, 0.8825, 0.1975, 0.98, 0.295, 1.0775, 0.3925, 1.175, 0.49, 1.275, 0.5875, 1.3725, 0.6875],
  "SoftwareVersions": "syngo MR E11",
  "SpacingBetweenSlices": 2,
  "StationName": "MRC35049",
  "TaskName": "mariostars",
  "TotalReadoutTime": 0.0576811,
  "TxRefAmp": 228.902,
  "WipMemBlock": "d9212934-f3c1-4dfb-a94f-30b24b2f5d2f||Sequence: R016 ve11c/master r/e634e98; Dec 19 2017 11:00:25 by eja",
  "dcmmeta_affine": [
    [-1.9995301961898804, -0.04188420623540878, 0.011165463365614414, 110.90137481689453],
    [-0.0433468297123909, 1.9310946464538574, -0.5186466574668884, -72.1420669555664],
    [-8.076761878328398e-05, 0.5187668204307556, 1.931548833847046, -57.83139419555664],
    [0.0, 0.0, 0.0, 1.0]
],
  "dcmmeta_reorient_transform": [
    [0.0, -1.0, 0.0, 103.0],
    [1.0, 0.0, 0.0, 0.0],
    [0.0, 0.0, 1.0, 0.0],
    [0.0, 0.0, 0.0, 1.0]
],
  "dcmmeta_shape": [104, 104, 60, 486],
  "dcmmeta_slice_dim": 2,
  "dcmmeta_version": 0.6,
  "global": {
    "const": {
      "AcquisitionMatrix": [104, 0, 0, 104],
      "AngioFlag": "N",
      "BitsAllocated": 16,
      "BitsStored": 16,
      "BodyPartExamined": "BRAIN",
      "Columns": 832,
      "EchoNumbers": 1,
      "EchoTime": 37.0,
      "EchoTrainLength": 104,
      "FlipAngle": 52.0,
      "HighBit": 15,
      "ImageOrientationPatient": [0.99976510313573, 0.02167341507807, -4.03838107e-05, -0.020942102536, 0.96554734618626, -0.259383404662],
      "ImagePositionPatient": [-819.17044654387, -845.45740268101, 184.4621034686],
      "ImageType": [
        "ORIGINAL",
        "PRIMARY",
        "P",
        "MB",
        "ND",
        "MOSAIC"
],
      "ImagedNucleus": "1H",
      "ImagingFrequency": 123.258808,
      "InPlanePhaseEncodingDirection": "COL",
      "LargestImagePixelValue": 4095,
      "MRAcquisitionType": "2D",
      "MagneticFieldStrength": 3.0,
      "Manufacturer": "SIEMENS",
      "ManufacturerModelName": "Prisma_fit",
      "Modality": "MR",
      "NumberOfAverages": 1.0,
      "NumberOfPhaseEncodingSteps": 104,
      "PercentPhaseFieldOfView": 100.0,
      "PercentSampling": 100.0,
      "PerformedProcedureStepStartTime": "140036.876000",
      "PhotometricInterpretation": "MONOCHROME2",
      "PixelBandwidth": 2290.0,
      "PixelRepresentation": 0,
      "PixelSpacing": [2.0, 2.0],
      "ProtocolName": "func_task-mariostars_run-01",
      "RepetitionTime": 1490.0,
      "RescaleIntercept": -4096.0,
      "RescaleSlope": 2.0,
      "RescaleType": "US",
      "Rows": 832,
      "SAR": 0.04508538933373,
      "SamplesPerPixel": 1,
      "ScanOptions": "FS",
      "ScanningSequence": "EP",
      "SequenceName": "epfid2d1_104",
      "SequenceVariant": [
        "SK",
        "SS"
],
      "SeriesDescription": "func_task-mariostars_run-01",
      "SeriesNumber": 12,
      "SeriesTime": "140505.120000",
      "SliceLocation": -36.524830819163,
      "SliceThickness": 2.0,
      "SmallestImagePixelValue": 0,
      "SoftwareVersions": "syngo MR E11",
      "SpacingBetweenSlices": 1.9999999883706,
      "SpecificCharacterSet": "ISO_IR 100",
      "StudyID": "1",
      "StudyTime": "140036.787000",
      "TransmitCoilName": "Body",
      "VariableFlipAngleFlag": "N",
      "WindowCenterWidthExplanation": "Algo1",
      "dBdt": 0.0},
