{
  "AcquisitionMatrixPE": 104,
  "AcquisitionNumber": 1,
  "AcquisitionTime": "14:03:16.037500",
  "BandwidthPerPixelPhaseEncode": 17.17,
  "BaseResolution": 104,
  "BodyPartExamined": "BRAIN",
  "CoilCombinationMethod": "Sum of Squares",
  "ConsistencyInfo": "N4_VE11C_LATEST_20160120",
  "ConversionSoftware": "dcm2niix",
  "ConversionSoftwareVersion": "v1.0.20211006",
  "DerivedVendorReportedEchoSpacing": 0.000560011,
  "DeviceSerialNumber": "167006",
  "DwellTime": 2.1e-06,
  "EchoTime": 0.037,
  "EchoTime1": 0.037,
  "EchoTime2": 0.001,
  "EchoTrainLength": 104,
  "EffectiveEchoSpacing": 0.000560011,
  "FlipAngle": 52,
  "HeudiconvVersion": "0.11.3.post9+gc939bf8",
  "ImageComments": "Unaliased MB4/PE3/LB",
  "ImageOrientationPatientDICOM": [0.999557, 0.00551104, 0.0292501, 0.00209349, 0.967259, -0.253782],
  "ImageOrientationText": "Tra>Cor(-14.7)>Sag(1.7)",
  "ImageType": [
    "ORIGINAL",
    "PRIMARY",
    "P",
    "MB",
    "ND",
    "MOSAIC",
    "PHASE"
],
  "ImagingFrequency": 123.259,
  "InPlanePhaseEncodingDirectionDICOM": "COL",
  "InstitutionAddress": "Chemin Queen-Mary 4565,Montreal,District,CA,H3W 1W5",
  "InstitutionName": "IUGM",
  "InstitutionalDepartmentName": "Department",
  "MRAcquisitionType": "2D",
  "MagneticFieldStrength": 3,
  "Manufacturer": "Siemens",
  "ManufacturersModelName": "Prisma_fit",
  "MatrixCoilMode": "SENSE",
  "Modality": "MR",
  "MultibandAccelerationFactor": 4,
  "PartialFourier": 1,
  "PatientPosition": "HFS",
  "PercentPhaseFOV": 100,
  "PercentSampling": 100,
  "PhaseEncodingDirection": "j",
  "PhaseEncodingSteps": 104,
  "PhaseResolution": 1,
  "PixelBandwidth": 2290,
  "ProcedureStepDescription": "games^mariostars",
  "ProtocolName": "func_task-mariostars_run-01",
  "PulseSequenceDetails": "%CustomerSeq%\\cmrr_mbep2d_bold",
  "ReceiveCoilActiveElements": "HC1-7;NC1,2",
  "ReceiveCoilName": "HeadNeck_64",
  "ReconMatrixPE": 104,
  "RepetitionTime": 1.49,
  "SAR": 0.0612519,
  "ScanOptions": "FS",
  "ScanningSequence": "EP",
  "SequenceName": "epfid2d1_104",
  "SequenceVariant": "SK\\SS",
  "SeriesDescription": "func_task-mariostars_run-01",
  "SeriesNumber": 12,
  "ShimSetting": [640, -7219, -8746, 687, 84, 12, 37, -8],
  "SliceThickness": 2,
  "SliceTiming": [0, 0.785, 0.1, 0.8825, 0.1975, 0.98, 0.295, 1.08, 0.3925, 1.1775, 0.49, 1.275, 0.59, 1.3725, 0.6875, 0, 0.785, 0.1, 0.8825, 0.1975, 0.98, 0.295, 1.08, 0.3925, 1.1775, 0.49, 1.275, 0.59, 1.3725, 0.6875, 0, 0.785, 0.1, 0.8825, 0.1975, 0.98, 0.295, 1.08, 0.3925, 1.1775, 0.49, 1.275, 0.59, 1.3725, 0.6875, 0, 0.785, 0.1, 0.8825, 0.1975, 0.98, 0.295, 1.08, 0.3925, 1.1775, 0.49, 1.275, 0.59, 1.3725, 0.6875],
  "SoftwareVersions": "syngo MR E11",
  "SpacingBetweenSlices": 2,
  "StationName": "MRC35049",
  "TaskName": "mariostars",
  "TotalReadoutTime": 0.0576811,
  "TxRefAmp": 234.677,
  "WipMemBlock": "33228a9a-d1fc-47ed-9c9d-c709686c06e0||Sequence: R017 ve11c/master r/75a17815+; Jun 28 2022 16:32:11 by eja",
  "dcmmeta_affine": [
    [-1.999113917350769, 0.004186974372714758, 0.059382114559412, 106.85670471191406],
    [-0.011022084392607212, 1.9345182180404663, -0.507462203502655, -73.84654235839844],
    [0.0585002563893795, 0.5075646638870239, 1.9336379766464233, -52.11438751220703],
    [0.0, 0.0, 0.0, 1.0]
],
  "dcmmeta_reorient_transform": [
    [0.0, -1.0, 0.0, 103.0],
    [1.0, 0.0, 0.0, 0.0],
    [0.0, 0.0, 1.0, 0.0],
    [0.0, 0.0, 0.0, 1.0]
],
  "dcmmeta_shape": [104, 104, 60, 11],
  "dcmmeta_slice_dim": 2,
  "dcmmeta_version": 0.6,
  "global": {
    "const": {
      "AcquisitionMatrix": [104, 0, 0, 104],
      "AngioFlag": "N",
      "BitsAllocated": 16,
      "BitsStored": 16,
      "BodyPartExamined": "BRAIN",
      "Columns": 832,
      "EchoNumbers": 1,
      "EchoTime": 37.0,
      "EchoTrainLength": 104,
      "FlipAngle": 52.0,
      "HighBit": 15,
      "ImageOrientationPatient": [0.99955693105609, 0.00551104227819, 0.02925012804644, 0.00209348717339, 0.96725909208192, -0.2537823202989],
      "ImagePositionPatient": [-836.48947119958, -833.58549161, 163.62420711082],
      "ImageType": [
        "ORIGINAL",
        "PRIMARY",
        "P",
        "MB",
        "ND",
        "MOSAIC"
],
      "ImagedNucleus": "1H",
      "ImagingFrequency": 123.258784,
      "InPlanePhaseEncodingDirection": "COL",
      "LargestImagePixelValue": 4095,
      "MRAcquisitionType": "2D",
      "MagneticFieldStrength": 3.0,
      "Manufacturer": "SIEMENS",
      "ManufacturerModelName": "Prisma_fit",
      "Modality": "MR",
      "NumberOfAverages": 1.0,
      "NumberOfPhaseEncodingSteps": 104,
      "PercentPhaseFieldOfView": 100.0,
      "PercentSampling": 100.0,
      "PerformedProcedureStepStartTime": "135905.311000",
      "PhotometricInterpretation": "MONOCHROME2",
      "PixelBandwidth": 2290.0,
      "PixelRepresentation": 0,
      "PixelSpacing": [2.0, 2.0],
      "ProtocolName": "func_task-mariostars_run-01",
      "RepetitionTime": 1490.0,
      "RescaleIntercept": -4096.0,
      "RescaleSlope": 2.0,
      "RescaleType": "US",
      "Rows": 832,
      "SAR": 0.06125185839148,
      "SamplesPerPixel": 1,
      "ScanOptions": "FS",
      "ScanningSequence": "EP",
      "SequenceName": "epfid2d1_104",
      "SequenceVariant": [
        "SK",
        "SS"
],
      "SeriesDescription": "func_task-mariostars_run-01",
      "SeriesNumber": 12,
      "SeriesTime": "140412.032000",
      "SliceLocation": -28.475325797911,
      "SliceThickness": 2.0,
      "SmallestImagePixelValue": 0,
      "SoftwareVersions": "syngo MR E11",
      "SpacingBetweenSlices": 1.9999999827046,
      "SpecificCharacterSet": "ISO_IR 100",
      "StudyID": "1",
      "StudyTime": "135905.235000",
      "TransmitCoilName": "Body",
      "VariableFlipAngleFlag": "N",
      "WindowCenterWidthExplanation": "Algo1",
      "dBdt": 0.0},
    "slices": {}
  },
  "time": {
    "samples": {
      "AcquisitionNumber": [1, 2, 3, 4, 5, 6, 7, 8, 9, 10, 11],
      "AcquisitionTime": ["140316.037500", "140317.527500", "140319.017500", "140320.507500", "140321.997500", "140323.487500", "140324.977500", "140326.467500", "140327.957500", "140329.447500", "140330.937500"],
      "ContentTime": ["140412.034000", "140412.036000", "140412.039000", "140412.047000", "140412.049000", "140412.052000", "140412.054000", "140412.057000", "140412.059000", "140412.062000", "140412.064000"],
      "InstanceCreationTime": ["140412.034000", "140412.036000", "140412.039000", "140412.047000", "140412.049000", "140412.052000", "140412.054000", "140412.057000", "140412.059000", "140412.062000", "140412.064000"],
      "InstanceNumber": [1, 2, 3, 4, 5, 6, 7, 8, 9, 10, 11],
      "WindowCenter": [4862.0, 4860.0, 4860.0, 4862.0, 4862.0, 4862.0, 4860.0, 4864.0, 4862.0, 4884.0, 4864.0],
      "WindowWidth": [18608.0, 18612.0, 18606.0, 18604.0, 18604.0, 18612.0, 18612.0, 18606.0, 18604.0, 18640.0, 18606.0]
    },
    "slices": {}
  }
}