{
  "AcquisitionMatrixPE": 104,
  "AcquisitionNumber": 1,
  "AcquisitionTime": "17:43:9.827500",
  "BandwidthPerPixelPhaseEncode": 17.17,
  "BaseResolution": 104,
  "BodyPartExamined": "BRAIN",
  "CoilCombinationMethod": "Sum of Squares",
  "ConsistencyInfo": "N4_VE11C_LATEST_20160120",
  "ConversionSoftware": "dcm2niix",
  "ConversionSoftwareVersion": "v1.0.20211006",
  "DerivedVendorReportedEchoSpacing": 0.000560011,
  "DeviceSerialNumber": "167006",
  "DwellTime": 2.1e-06,
  "EchoTime": 0.037,
  "EchoTime1": 0.037,
  "EchoTime2": 0.001,
  "EchoTrainLength": 104,
  "EffectiveEchoSpacing": 0.000560011,
  "FlipAngle": 52,
  "HeudiconvVersion": "0.5.3.post569+g418601f",
  "ImageComments": "Unaliased MB4/PE3/LB",
  "ImageOrientationPatientDICOM": [0.992598, 0.119452, 0.0219303, -0.10275, 0.922237, -0.372723],
  "ImageOrientationText": "Tra>Cor(-21.6)>Sag(3.7)",
  "ImageType": [
    "ORIGINAL",
    "PRIMARY",
    "P",
    "MB",
    "ND",
    "MOSAIC",
    "PHASE"
],
  "ImagingFrequency": 123.259,
  "InPlanePhaseEncodingDirectionDICOM": "COL",
  "InstitutionAddress": "Chemin Queen-Mary 4565,Montreal,District,CA,H3W 1W5",
  "InstitutionName": "IUGM",
  "InstitutionalDepartmentName": "Department",
  "MRAcquisitionType": "2D",
  "MagneticFieldStrength": 3,
  "Manufacturer": "Siemens",
  "ManufacturersModelName": "Prisma_fit",
  "MatrixCoilMode": "SENSE",
  "Modality": "MR",
  "MultibandAccelerationFactor": 4,
  "PartialFourier": 1,
  "PatientPosition": "HFS",
  "PercentPhaseFOV": 100,
  "PercentSampling": 100,
  "PhaseEncodingDirection": "j",
  "PhaseEncodingSteps": 104,
  "PhaseResolution": 1,
  "PixelBandwidth": 2290,
  "ProcedureStepDescription": "games^mariostars",
  "ProtocolName": "func_task-mariostars_run-02",
  "PulseSequenceDetails": "%CustomerSeq%\\cmrr_mbep2d_bold",
  "ReceiveCoilActiveElements": "HC1-7;NC1,2",
  "ReceiveCoilName": "HeadNeck_64",
  "ReconMatrixPE": 104,
  "RepetitionTime": 1.49,
  "SAR": 0.0459439,
  "ScanOptions": "FS",
  "ScanningSequence": "EP",
  "SequenceName": "epfid2d1_104",
  "SequenceVariant": "SK\\SS",
  "SeriesDescription": "func_task-mariostars_run-02",
  "SeriesNumber": 14,
  "ShimSetting": [623, -7174, -8855, 635, 93, -4, -101, 16],
  "SliceThickness": 2,
  "SliceTiming": [0, 0.7825, 0.0975, 0.88, 0.195, 0.98, 0.2925, 1.0775, 0.39, 1.175, 0.49, 1.2725, 0.5875, 1.37, 0.685, 0, 0.7825, 0.0975, 0.88, 0.195, 0.98, 0.2925, 1.0775, 0.39, 1.175, 0.49, 1.2725, 0.5875, 1.37, 0.685, 0, 0.7825, 0.0975, 0.88, 0.195, 0.98, 0.2925, 1.0775, 0.39, 1.175, 0.49, 1.2725, 0.5875, 1.37, 0.685, 0, 0.7825, 0.0975, 0.88, 0.195, 0.98, 0.2925, 1.0775, 0.39, 1.175, 0.49, 1.2725, 0.5875, 1.37, 0.685],
  "SoftwareVersions": "syngo MR E11",
  "SpacingBetweenSlices": 2,
  "StationName": "MRC35049",
  "TaskName": "mariostars",
  "TotalReadoutTime": 0.0576811,
  "TxRefAmp": 257.4,
  "WipMemBlock": "d1fcfe51-8061-4ec9-8f9b-b7d1c9a7eb6e||Sequence: R016 ve11c/master r/e634e98; Dec 19 2017 11:00:25 by eja",
  "dcmmeta_affine": [
    [-1.9851953983306885, -0.20550008118152618, 0.1294950395822525, 112.49183654785156],
    [-0.23890478909015656, 1.844473123550415, -0.7354204058647156, -45.72905349731445],
    [0.04386058822274208, 0.7454451322555542, 1.8553673028945923, -75.43840026855469],
    [0.0, 0.0, 0.0, 1.0]
],
  "dcmmeta_reorient_transform": [
    [0.0, -1.0, 0.0, 103.0],
    [1.0, 0.0, 0.0, 0.0],
    [0.0, 0.0, 1.0, 0.0],
    [0.0, 0.0, 0.0, 1.0]
],
  "dcmmeta_shape": [104, 104, 60, 34],
  "dcmmeta_slice_dim": 2,
  "dcmmeta_version": 0.6,
  "global": {
    "const": {
      "AcquisitionMatrix": [104, 0, 0, 104],
      "AngioFlag": "N",
      "BitsAllocated": 16,
      "BitsStored": 16,
      "BodyPartExamined": "BRAIN",
      "Columns": 832,
      "EchoNumbers": 1,
      "EchoTime": 37.0,
      "EchoTrainLength": 104,
      "FlipAngle": 52.0,
      "HighBit": 15,
      "ImageOrientationPatient": [0.99259769711535, 0.11945239170764, 0.02193029403866, -0.1027500380397, 0.92223658959664, -0.3727225543108],
      "ImagePositionPatient": [-739.13442474569, -902.60126332895, 256.71921074787],
      "ImageType": [
        "ORIGINAL",
        "PRIMARY",
        "P",
        "MB",
        "ND",
        "MOSAIC"
],
      "ImagedNucleus": "1H",
      "ImagingFrequency": 123.258856,
      "InPlanePhaseEncodingDirection": "COL",
      "LargestImagePixelValue": 4095,
      "MRAcquisitionType": "2D",
      "MagneticFieldStrength": 3.0,
      "Manufacturer": "SIEMENS",
      "ManufacturerModelName": "Prisma_fit",
      "Modality": "MR",
      "NumberOfAverages": 1.0,
      "NumberOfPhaseEncodingSteps": 104,
      "PercentPhaseFieldOfView": 100.0,
      "PercentSampling": 100.0,
      "PerformedProcedureStepStartTime": "165158.091000",
      "PhotometricInterpretation": "MONOCHROME2",
      "PixelBandwidth": 2290.0,
      "PixelRepresentation": 0,
      "PixelSpacing": [2.0, 2.0],
      "ProtocolName": "func_task-mariostars_run-02",
      "RepetitionTime": 1490.0,
      "RescaleIntercept": -4096.0,
      "RescaleSlope": 2.0,
      "RescaleType": "US",
      "Rows": 832,
      "SAR": 0.04594386092004,
      "SamplesPerPixel": 1,
      "ScanOptions": "FS",
      "ScanningSequence": "EP",
      "SequenceName": "epfid2d1_104",
      "SequenceVariant": [
        "SK",
        "SS"
],
      "SeriesDescription": "func_task-mariostars_run-02",
      "SeriesNumber": 14,
      "SeriesTime": "174433.370000",
      "SliceLocation": -45.884364331522,
      "SliceThickness": 2.0,
      "SmallestImagePixelValue": 0,
      "SoftwareVersions": "syngo MR E11",
      "SpacingBetweenSlices": 2.0000000022287,
      "SpecificCharacterSet": "ISO_IR 100",
      "StudyID": "1",
      "StudyTime": "165158.028000",
      "TransmitCoilName": "Body",
      "VariableFlipAngleFlag": "N",
      "WindowCenterWidthExplanation": "Algo1",
      "dBdt": 0.0},
    "slices": {}
  },
  "time": {
    "samples": {
      "AcquisitionNumber": [1, 2, 3, 4, 5, 6, 7, 8, 9, 10, 11, 12, 13, 14, 15, 16, 17, 18, 19, 20, 21, 22, 23, 24, 25, 26, 27, 28, 29, 30, 31, 32, 33, 34],
      "AcquisitionTime": ["174309.827500", "174311.317500", "174312.807500", "174314.297500", "174315.787500", "174317.277500", "174318.767500", "174320.257500", "174321.747500", "174323.237500", "174324.727500", "174326.217500", "174327.707500", "174329.197500", "174330.687500", "174332.177500", "174333.667500", "174335.157500", "174336.647500", "174338.137500", "174339.627500", "174341.117500", "174342.607500", "174344.097500", "174345.587500", "174347.077500", "174348.567500", "174350.057500", "174351.547500", "174353.037500", "174354.527500", "174356.017500", "174357.507500", "174358.997500"],
      "ContentTime": ["174433.372000", "174433.375000", "174433.378000", "174433.380000", "174433.383000", "174433.385000", "174433.388000", "174433.390000", "174433.393000", "174433.395000", "174433.398000", "174433.400000", "174433.403000", "174433.406000", "174433.408000", "174433.411000", "174433.413000", "174433.416000", "174433.418000", "174433.421000", "174433.423000", "174433.426000", "174433.428000", "174433.431000", "174433.434000", "174433.436000", "174433.439000", "174433.441000", "174433.444000", "174433.446000", "174437.682000", "174437.685000", "174437.687000", "174437.695000"],
      "InstanceCreationTime": ["174433.372000", "174433.375000", "174433.378000", "174433.380000", "174433.383000", "174433.385000", "174433.388000", "174433.390000", "174433.393000", "174433.395000", "174433.398000", "174433.400000", "174433.403000", "174433.406000", "174433.408000", "174433.411000", "174433.413000", "174433.416000", "174433.418000", "174433.421000", "174433.423000", "174433.426000", "174433.428000", "174433.431000", "174433.434000", "174433.436000", "174433.439000", "174433.441000", "174433.444000", "174433.446000", "174437.682000", "174437.685000", "174437.687000", "174437.695000"],
      "InstanceNumber": [1, 2, 3, 4, 5, 6, 7, 8, 9, 10, 11, 12, 13, 14, 15, 16, 17, 18, 19, 20, 21, 22, 23, 24, 25, 26, 27, 28, 29, 30, 31, 32, 33, 34],
      "WindowCenter": [4846.0, 4872.0, 4870.0, 4840.0, 4846.0, 4872.0, 4866.0, 4842.0, 4870.0, 4870.0, 4870.0, 4838.0, 4840.0, 4868.0, 4872.0, 4872.0, 4868.0, 4834.0, 4836.0, 4872.0, 4876.0, 4872.0, 4874.0, 4846.0, 4842.0, 4840.0, 4840.0, 4844.0, 4842.0, 4846.0, 4848.0, 4872.0, 4844.0, 4842.0],
      "WindowWidth": [18638.0, 18672.0, 18674.0, 18638.0, 18642.0, 18674.0, 18670.0, 18642.0, 18670.0, 18670.0, 18676.0, 18634.0, 18634.0, 18668.0, 18670.0, 18672.0, 18668.0, 18630.0, 18630.0, 18676.0, 18678.0, 18670.0, 18676.0, 18642.0, 18636.0, 18636.0, 18634.0, 18634.0, 18638.0, 18642.0, 18646.0, 18676.0, 18640.0, 18638.0]
    },
    "slices": {}
  }
}