{
  "AcquisitionMatrixPE": 104,
  "AcquisitionNumber": 1,
  "AcquisitionTime": "11:23:41.502500",
  "BandwidthPerPixelPhaseEncode": 17.17,
  "BaseResolution": 104,
  "BodyPartExamined": "BRAIN",
  "CoilCombinationMethod": "Sum of Squares",
  "ConsistencyInfo": "N4_VE11C_LATEST_20160120",
  "ConversionSoftware": "dcm2niix",
  "ConversionSoftwareVersion": "v1.0.20211006",
  "DerivedVendorReportedEchoSpacing": 0.000560011,
  "DeviceSerialNumber": "167006",
  "DwellTime": 2.1e-06,
  "EchoTime": 0.037,
  "EchoTrainLength": 104,
  "EffectiveEchoSpacing": 0.000560011,
  "FlipAngle": 52,
  "HeudiconvVersion": "0.11.3.post9+gc939bf8",
  "ImageComments": "Single-band reference",
  "ImageOrientationPatientDICOM": [
    0.998884,
    -0.00868031,
    0.0464287,
    0.0324382,
    0.840567,
    -0.540736
  ],
  "ImageOrientationText": "Tra>Cor(-32.8)>Sag(2.0)",
  "ImageType": [
    "ORIGINAL",
    "PRIMARY",
    "M",
    "ND",
    "MOSAIC"
  ],
  "ImagingFrequency": 123.259,
  "InPlanePhaseEncodingDirectionDICOM": "COL",
  "InstitutionAddress": "Chemin Queen-Mary 4565,Montreal,District,CA,H3W 1W5",
  "InstitutionName": "IUGM",
  "InstitutionalDepartmentName": "Department",
  "MRAcquisitionType": "2D",
  "MagneticFieldStrength": 3,
  "Manufacturer": "Siemens",
  "ManufacturersModelName": "Prisma_fit",
  "MatrixCoilMode": "SENSE",
  "Modality": "MR",
  "PartialFourier": 1,
  "PatientPosition": "HFS",
  "PercentPhaseFOV": 100,
  "PercentSampling": 100,
  "PhaseEncodingDirection": "j",
  "PhaseEncodingSteps": 104,
  "PhaseResolution": 1,
  "PixelBandwidth": 2290,
  "ProcedureStepDescription": "games^mariostars",
  "ProtocolName": "func_task-mariostars_run-01",
  "PulseSequenceDetails": "%CustomerSeq%\\cmrr_mbep2d_bold",
  "ReceiveCoilActiveElements": "HC1-7;NC1,2",
  "ReceiveCoilName": "HeadNeck_64",
  "ReconMatrixPE": 104,
  "RepetitionTime": 1.49,
  "SAR": 0.0888272,
  "ScanOptions": "FS",
  "ScanningSequence": "EP",
  "SequenceName": "epfid2d1_104",
  "SequenceVariant": "SK\\SS",
  "SeriesDescription": "func_task-mariostars_run-01_SBRef",
  "SeriesNumber": 10,
  "ShimSetting": [
    613,
    -7199,
    -8869,
    253,
    1,
    -188,
    77,
    2
  ],
  "SliceThickness": 2,
  "SliceTiming": [
    0,
    0.0975,
    0.195,
    0.295,
    0.3925,
    0.49,
    0.5875,
    0.685,
    0.785,
    0.8825,
    0.98,
    1.0775,
    1.175,
    1.275,
    1.3725,
    1.47,
    1.5675,
    1.665,
    1.765,
    1.8625,
    1.96,
    2.0575,
    2.155,
    2.255,
    2.3525,
    2.45,
    2.5475,
    2.645,
    2.745,
    2.8425,
    2.94,
    3.0375,
    3.135,
    3.235,
    3.3325,
    3.43,
    3.5275,
    3.625,
    3.725,
    3.8225,
    3.92,
    4.0175,
    4.115,
    4.215,
    4.3125,
    4.41,
    4.5075,
    4.605,
    4.705,
    4.8025,
    4.9,
    4.9975,
    5.095,
    5.1925,
    5.2925,
    5.39,
    5.4875,
    5.585,
    5.6825,
    5.7825
  ],
  "SoftwareVersions": "syngo MR E11",
  "SpacingBetweenSlices": 2,
  "StationName": "MRC35049",
  "TaskName": "mariostars",
  "TotalReadoutTime": 0.0576811,
  "TxRefAmp": 341.953,
  "WipMemBlock": "6ad9efb4-a333-46f3-9bfc-06fa712d93f6||Sequence: R017 ve11c/master r/75a17815+; Jun 28 2022 16:32:11 by eja"
}