{
  "AcquisitionMatrixPE": 104,
  "AcquisitionNumber": 1,
  "AcquisitionTime": "17:32:42.890000",
  "BandwidthPerPixelPhaseEncode": 17.17,
  "BaseResolution": 104,
  "BodyPartExamined": "BRAIN",
  "CoilCombinationMethod": "Sum of Squares",
  "ConsistencyInfo": "N4_VE11C_LATEST_20160120",
  "ConversionSoftware": "dcm2niix",
  "ConversionSoftwareVersion": "v1.0.20220505",
  "DerivedVendorReportedEchoSpacing": 0.000560011,
  "DeviceSerialNumber": "167006",
  "DwellTime": 2.1e-06,
  "EchoTime": 0.037,
  "EchoTime1": 0.037,
  "EchoTime2": 0.001,
  "EchoTrainLength": 104,
  "EffectiveEchoSpacing": 0.000560011,
  "FlipAngle": 52,
  "HeudiconvVersion": "0.5.3.post811+g6206e14",
  "ImageComments": "Single-band reference",
  "ImageOrientationPatientDICOM": [
    0.999923,
    -0.00879741,
    0.00872216,
    0.0113442,
    0.933144,
    -0.359324
  ],
  "ImageOrientationText": "Tra>Cor(-21.1)>Sag(0.3)",
  "ImageType": [
    "ORIGINAL",
    "PRIMARY",
    "P",
    "ND",
    "MOSAIC",
    "PHASE"
  ],
  "ImagingFrequency": 123.26,
  "InPlanePhaseEncodingDirectionDICOM": "COL",
  "InstitutionAddress": "Chemin Queen-Mary 4565,Montreal,District,CA,H3W 1W5",
  "InstitutionName": "IUGM",
  "InstitutionalDepartmentName": "Department",
  "MRAcquisitionType": "2D",
  "MagneticFieldStrength": 3,
  "Manufacturer": "Siemens",
  "ManufacturersModelName": "Prisma_fit",
  "MatrixCoilMode": "SENSE",
  "Modality": "MR",
  "PartialFourier": 1,
  "PatientPosition": "HFS",
  "PercentPhaseFOV": 100,
  "PercentSampling": 100,
  "PhaseEncodingDirection": "j-",
  "PhaseEncodingSteps": 104,
  "PhaseResolution": 1,
  "PixelBandwidth": 2290,
  "ProcedureStepDescription": "games^mariostars",
  "ProtocolName": "func_AP_run-1",
  "PulseSequenceDetails": "%CustomerSeq%\\cmrr_mbep2d_bold",
  "ReceiveCoilActiveElements": "HC1-7;NC1,2",
  "ReceiveCoilName": "HeadNeck_64",
  "ReconMatrixPE": 104,
  "RepetitionTime": 1.49,
  "SAR": 0.05137,
  "ScanOptions": "FS",
  "ScanningSequence": "EP",
  "SequenceName": "epfid2d1_104",
  "SequenceVariant": "SK\\SS",
  "SeriesDescription": "func_AP_run-1_SBRef",
  "SeriesNumber": 7,
  "ShimSetting": [
    600,
    -7242,
    -8807,
    471,
    11,
    -283,
    1,
    27
  ],
  "SliceThickness": 2,
  "SliceTiming": [
    0,
    0.0975,
    0.1975,
    0.295,
    0.3925,
    0.49,
    0.5875,
    0.6875,
    0.785,
    0.8825,
    0.98,
    1.0775,
    1.1775,
    1.275,
    1.3725,
    1.47,
    1.5675,
    1.6675,
    1.765,
    1.8625,
    1.96,
    2.0575,
    2.1575,
    2.255,
    2.3525,
    2.45,
    2.5475,
    2.6475,
    2.745,
    2.8425,
    2.94,
    3.0375,
    3.1375,
    3.235,
    3.3325,
    3.43,
    3.5275,
    3.625,
    3.725,
    3.8225,
    3.92,
    4.0175,
    4.115,
    4.215,
    4.3125,
    4.41,
    4.5075,
    4.605,
    4.705,
    4.8025,
    4.9,
    4.9975,
    5.095,
    5.195,
    5.2925,
    5.39,
    5.4875,
    5.585,
    5.685,
    5.7825
  ],
  "SoftwareVersions": "syngo MR E11",
  "SpacingBetweenSlices": 2,
  "StationName": "MRC35049",
  "TotalReadoutTime": 0.0576811,
  "TxRefAmp": 282.326,
  "WipMemBlock": "82a2a1fc-ff40-4819-824a-eb3afb653689||Sequence: R017 ve11c/master r/75a17815+; Jun 28 2022 16:32:11 by eja"
}